PATH
  remote: .
  specs:
    figtree (0.0.1)
      parslet (~> 1.7)
      wannabe_bool

GEM
  remote: https://rubygems.org/
  specs:
    blankslate (3.1.3)
    diff-lcs (1.2.5)
    docile (1.1.5)
    json (1.8.3)
    parslet (1.7.1)
      blankslate (>= 2.0, <= 4.0)
    rspec (3.3.0)
      rspec-core (~> 3.3.0)
      rspec-expectations (~> 3.3.0)
      rspec-mocks (~> 3.3.0)
    rspec-core (3.3.2)
      rspec-support (~> 3.3.0)
    rspec-expectations (3.3.1)
      diff-lcs (>= 1.2.0, < 2.0)
      rspec-support (~> 3.3.0)
    rspec-mocks (3.3.2)
      diff-lcs (>= 1.2.0, < 2.0)
      rspec-support (~> 3.3.0)
    rspec-support (3.3.0)
    simplecov (0.10.0)
      docile (~> 1.1.0)
      json (~> 1.8)
      simplecov-html (~> 0.10.0)
    simplecov-html (0.10.0)
    wannabe_bool (0.2.0)

PLATFORMS
  ruby

DEPENDENCIES
  figtree!
  rspec (~> 3.0, >= 3.0.0)
  simplecov

BUNDLED WITH
   1.10.6
